GIT
  remote: git://github.com/intridea/omniauth-github.git
  revision: 45f2fc73d6d06f30863adac0e6aa112bcaaadf67
  specs:
    omniauth-github (1.1.2)
      omniauth (~> 1.0)
      omniauth-oauth2 (>= 1.1.1, < 2.0)

GIT
  remote: git://github.com/intridea/omniauth-oauth2.git
  revision: 8f3b9e34a90f28782a3b30dd41b45dcf76bab1be
  specs:
    omniauth-oauth2 (1.3.1)
      oauth2 (~> 1.0)
      omniauth (~> 1.2)

GIT
  remote: git://github.com/zquestz/omniauth-google-oauth2.git
  revision: c04c8e667cd3c91b80528f7d1f84ebc98e260869
  specs:
    omniauth-google-oauth2 (0.2.6)
      jwt (~> 1.0)
      multi_json (~> 1.3)
      omniauth (>= 1.1.1)
      omniauth-oauth2 (>= 1.1.1)

GEM
  remote: https://rubygems.org/
  specs:
    byebug (5.0.0)
      columnize (= 0.9.0)
    coderay (1.1.0)
    columnize (0.9.0)
    dotenv (2.0.2)
    faraday (0.9.1)
      multipart-post (>= 1.2, < 3)
    gibbon (2.0.0)
      faraday (>= 0.9.1)
      multi_json (>= 1.11.0)
    hashie (3.4.2)
    jwt (1.5.1)
    method_source (0.8.2)
    multi_json (1.11.2)
    multi_xml (0.5.5)
    multipart-post (2.0.0)
    oauth2 (1.0.0)
      faraday (>= 0.8, < 0.10)
      jwt (~> 1.0)
      multi_json (~> 1.3)
      multi_xml (~> 0.5)
      rack (~> 1.2)
    omniauth (1.2.2)
      hashie (>= 1.2, < 4)
      rack (~> 1.0)
    omniauth-facebook (2.0.1)
      omniauth-oauth2 (~> 1.2)
    pry (0.10.1)
      coderay (~> 1.1.0)
      method_source (~> 0.8.1)
      slop (~> 3.4)
    pry-byebug (3.2.0)
      byebug (~> 5.0)
      pry (~> 0.10)
    puma (2.12.0)
    rack (1.6.4)
    rack-protection (1.5.3)
      rack
    rollbar (2.2.1)
    sinatra (1.4.6)
      rack (~> 1.4)
      rack-protection (~> 1.4)
      tilt (>= 1.3, < 3)
    sinatra-flash (0.3.0)
      sinatra (>= 1.0.0)
    slim (3.0.6)
      temple (~> 0.7.3)
      tilt (>= 1.3.3, < 2.1)
    slop (3.6.0)
    temple (0.7.6)
    tilt (2.0.1)

PLATFORMS
  ruby

DEPENDENCIES
  dotenv
  gibbon
  omniauth
  omniauth-facebook
  omniauth-github!
  omniauth-google-oauth2!
  omniauth-oauth2!
  pry-byebug
  puma
  rollbar
  sinatra
  sinatra-flash
  slim

BUNDLED WITH
   1.10.6
